GIT
  remote: git://github.com/hanklords/flickraw.git
  revision: e9964ba7f594cd45631171587c8404c14b8e1cc6
  specs:
    flickraw (0.9.8)

GEM
  remote: http://rubygems.org/
  specs:
    haml (4.0.5)
      tilt
    rack (1.5.2)
    rack-protection (1.5.3)
      rack
    sinatra (1.4.5)
      rack (~> 1.4)
      rack-protection (~> 1.4)
      tilt (~> 1.3, >= 1.3.4)
    tilt (1.4.1)

PLATFORMS
  ruby

DEPENDENCIES
  flickraw!
  haml
  sinatra
